GEM
  remote: https://rubygems.org/
  specs:
    plaid (1.7.1)

PLATFORMS
  ruby

DEPENDENCIES
  plaid

BUNDLED WITH
   1.11.2
